GEM
  remote: https://rubygems.org/
  specs:
    activemodel (3.2.22.4)
      activesupport (= 3.2.22.4)
      builder (~> 3.0.0)
    activesupport (3.2.22.4)
      i18n (~> 0.6, >= 0.6.4)
      multi_json (~> 1.0)
    builder (3.0.4)
    i18n (0.7.0)
    mongoid (3.0.0)
      activemodel (~> 3.1)
      moped (~> 1.1.1)
      origin (~> 1.0.3)
      tzinfo (~> 0.3.22)
    moped (1.1.6)
    multi_json (1.12.1)
    origin (1.0.11)
    rack (1.6.4)
    rack-protection (1.5.3)
      rack
    sinatra (1.4.7)
      rack (~> 1.5)
      rack-protection (~> 1.4)
      tilt (>= 1.3, < 3)
    tilt (2.0.5)
    tzinfo (0.3.51)

PLATFORMS
  ruby

DEPENDENCIES
  mongoid (= 3.0.0)
  sinatra

RUBY VERSION
   ruby 2.2.5p319

BUNDLED WITH
   1.13.0
